NUGET
  remote: https://www.nuget.org/api/v2
    Microsoft.AspNet.Mvc (3.0.20105.1)
      Microsoft.AspNet.Razor (>= 1.0.20105.408)
      Microsoft.AspNet.WebPages (>= 1.0.20105.408)
    Microsoft.AspNet.Razor (3.2.3)
    Microsoft.AspNet.WebPages (3.2.3)
      Microsoft.AspNet.Razor (>= 3.2.3 < 3.3)
      Microsoft.Web.Infrastructure (>= 1.0)
    Microsoft.Web.Infrastructure (1.0)

GROUP Build
NUGET
  remote: https://www.nuget.org/api/v2
    NUnit (2.6.4)
